GEM
  remote: https://rubygems.org/
  specs:
    addressable (2.8.1)
      public_suffix (>= 2.0.2, < 6.0)
    color_echo (3.1.1)
    git (1.13.0)
      addressable (~> 2.8)
      rchardet (~> 1.8)
    hashie (4.1.0)
    public_suffix (5.0.1)
    rchardet (1.8.0)

PLATFORMS
  x64-mingw32
  x86_64-linux

DEPENDENCIES
  color_echo
  git
  hashie

BUNDLED WITH
   2.1.4
